GEM
  remote: http://rubygems.org/
  specs:
    activesupport (3.0.0)
    i18n (0.6.0)
    nokogiri (1.5.0)
    rake (0.9.2)
    rmagick (2.13.1)
    zip (2.0.2)

PLATFORMS
  ruby

DEPENDENCIES
  activesupport (>= 2.3.9)
  i18n
  nokogiri (>= 1.4.1)
  rake
  rmagick (>= 2.12.2)
  zip (>= 2.0.2)
