PATH
  remote: .
  specs:
    axlsx (1.0.10)
      activesupport (>= 2.3.9)
      nokogiri (>= 1.4.1)
      rmagick (>= 2.12.2)
      zip (~> 2.0.2)

GEM
  remote: http://rubygems.org/
  specs:
    activesupport (3.1.3)
      multi_json (~> 1.0)
    multi_json (1.0.3)
    nokogiri (1.5.0)
    rmagick (2.13.1)
    zip (2.0.2)

PLATFORMS
  ruby

DEPENDENCIES
  axlsx!
